GEM
  remote: https://rubygems.org/
  specs:
    coderay (1.1.2)
    lolize (0.0.3)
      paint (~> 0.8.3)
    method_source (1.0.0)
    mini_portile2 (2.4.0)
    nokogiri (1.10.9)
      mini_portile2 (~> 2.4.0)
    open-uri (0.1.0)
    paint (0.8.7)
    pry (0.13.0)
      coderay (~> 1.1)
      method_source (~> 1.0)

PLATFORMS
  ruby

DEPENDENCIES
  lolize
  nokogiri
  open-uri
  pry

BUNDLED WITH
   2.1.4
