GEM
  remote: https://rubygems.org/
  specs:
    byebug (11.1.3)
    daemons (1.3.1)
    eventmachine (1.2.7)
    lolize (0.0.3)
      paint (~> 0.8.3)
    mini_portile2 (2.8.0)
    nokogiri (1.13.5)
      mini_portile2 (~> 2.8.0)
      racc (~> 1.4)
    open-uri (0.1.0)
    paint (0.8.7)
    racc (1.6.0)
    rack (2.2.3)
    thin (1.8.0)
      daemons (~> 1.0, >= 1.0.9)
      eventmachine (~> 1.0, >= 1.0.4)
      rack (>= 1, < 3)

PLATFORMS
  ruby

DEPENDENCIES
  byebug
  lolize
  nokogiri
  open-uri
  thin

RUBY VERSION
   ruby 2.7.0p0

BUNDLED WITH
   2.1.4
